GEM
  remote: https://rubygems.org/
  specs:
    coderay (1.1.3)
    httparty (0.20.0)
      mime-types (~> 3.0)
      multi_xml (>= 0.5.2)
    json (2.6.2)
    method_source (1.0.0)
    mime-types (3.4.1)
      mime-types-data (~> 3.2015)
    mime-types-data (3.2022.0105)
    multi_xml (0.6.0)
    numbers_in_words (1.0.1)
    pry (0.14.1)
      coderay (~> 1.1)
      method_source (~> 1.0)
    pry-nav (1.0.0)
      pry (>= 0.9.10, < 0.15)

PLATFORMS
  x64-mingw32
  x86_64-linux

DEPENDENCIES
  httparty
  json
  numbers_in_words
  pry
  pry-nav

BUNDLED WITH
   2.3.7
