GEM
  remote: https://rubygems.org/
  specs:
    httparty (0.20.0)
      mime-types (~> 3.0)
      multi_xml (>= 0.5.2)
    mime-types (3.4.1)
      mime-types-data (~> 3.2015)
    mime-types-data (3.2022.0105)
    multi_xml (0.6.0)
    numbers_in_words (1.0.1)

PLATFORMS
  x64-mingw32

DEPENDENCIES
  httparty
  numbers_in_words

BUNDLED WITH
   2.3.7
